PATH
  remote: .
  specs:
    hakiri (0.7.0)
      activesupport
      bundler
      commander
      i18n
      json
      rake
      rest-client
      terminal-table

GEM
  remote: https://rubygems.org/
  specs:
    activesupport (3.2.22.5)
      i18n (~> 0.6, >= 0.6.4)
      multi_json (~> 1.0)
    cane (2.6.0)
      parallel
    commander (4.1.5)
      highline (~> 1.6.11)
    concurrent-ruby (1.1.5)
    highline (1.6.20)
    i18n (0.9.5)
      concurrent-ruby (~> 1.0)
    json (1.8.1)
    json (1.8.1-java)
    mime-types (2.1)
    minitest (5.0.6)
    multi_json (1.14.1)
    parallel (0.7.1)
    rake (10.1.1)
    rest-client (1.6.7)
      mime-types (>= 1.16)
    simplecov (0.8.0.pre)
      multi_json
      simplecov-html (~> 0.7.1)
    simplecov-html (0.7.1)
    terminal-table (1.4.5)

PLATFORMS
  java
  ruby

DEPENDENCIES
  cane (~> 2.6.0)
  hakiri!
  minitest (~> 5.0.0)
  simplecov (>= 0.8.0.pre)
