PATH
  remote: .
  specs:
    hakiri (0.7.0)
      activesupport
      bundler
      commander
      i18n
      json
      rake
      rest-client
      terminal-table

GEM
  remote: https://rubygems.org/
  specs:
    activesupport (3.2.16)
      i18n (~> 0.6, >= 0.6.4)
      multi_json (~> 1.0)
    cane (2.6.0)
      parallel
    commander (4.1.5)
      highline (~> 1.6.11)
    domain_name (0.5.20190701)
      unf (>= 0.0.5, < 1.0.0)
    highline (1.6.20)
    http-accept (1.7.0)
    http-cookie (1.0.3)
      domain_name (~> 0.5)
    i18n (0.6.9)
    json (1.8.1)
    json (1.8.1-java)
    mime-types (3.3)
      mime-types-data (~> 3.2015)
    mime-types-data (3.2019.1009)
    minitest (5.0.6)
    multi_json (1.7.7)
    netrc (0.11.0)
    parallel (0.7.1)
    rake (10.1.1)
    rest-client (2.1.0)
      http-accept (>= 1.7.0, < 2.0)
      http-cookie (>= 1.0.2, < 2.0)
      mime-types (>= 1.16, < 4.0)
      netrc (~> 0.8)
    simplecov (0.8.0.pre)
      multi_json
      simplecov-html (~> 0.7.1)
    simplecov-html (0.7.1)
    terminal-table (1.4.5)
    unf (0.1.4)
      unf_ext
    unf (0.1.4-java)
    unf_ext (0.0.7.6)

PLATFORMS
  java
  ruby

DEPENDENCIES
  cane (~> 2.6.0)
  hakiri!
  minitest (~> 5.0.0)
  simplecov (>= 0.8.0.pre)
